GEM
  remote: https://rubygems.org/
  specs:
    memoization (0.0.1)

PLATFORMS
  x86_64-linux

DEPENDENCIES
  memoization

RUBY VERSION
   ruby 3.2.3p157

BUNDLED WITH
   2.4.19
